GEM
  remote: https://rubygems.org/
  specs:
    concurrent-ruby (1.0.4)
    execjs (2.7.0)
    git-version-bump (0.15.1)
    honeybadger (2.7.2)
    pg (0.19.0)
    rack (1.6.5)
    rack-contrib (1.4.0)
      git-version-bump (~> 0.15)
      rack (~> 1.4)
    rack-cors (0.4.1)
    rack-protection (1.5.3)
      rack
    rake (12.0.0)
    sass (3.4.23)
    sequel (4.43.0)
    sinatra (1.4.8)
      rack (~> 1.5)
      rack-protection (~> 1.4)
      tilt (>= 1.3, < 3)
    slim (3.0.7)
      temple (~> 0.7.6)
      tilt (>= 1.3.3, < 2.1)
    sprockets (3.7.1)
      concurrent-ruby (~> 1.0)
      rack (> 1, < 3)
    temple (0.7.7)
    tilt (2.0.6)
    uglifier (3.0.4)
      execjs (>= 0.3.0, < 3)

PLATFORMS
  ruby

DEPENDENCIES
  honeybadger (~> 2.0)
  pg
  rack
  rack-contrib
  rack-cors
  rake
  sass
  sequel
  sinatra
  slim
  sprockets
  uglifier

RUBY VERSION
   ruby 2.2.4p230

BUNDLED WITH
   1.14.3
